GEM
  remote: https://rubygems.org/
  specs:
    bcrypt (3.1.17)

PLATFORMS
  arm64-darwin-21

DEPENDENCIES
  bcrypt (~> 3.1, >= 3.1.17)

BUNDLED WITH
   2.3.9
